GIT
  remote: git://github.com/technicalpickles/jeweler.git
  revision: d3b29e1
  specs:
    jeweler (1.4.0)
      bundler (>= 1.0.0.rc.5)
      git (>= 1.2.5)
      rake

GEM
  remote: https://rubygems.org/
  specs:
    diff-lcs (1.1.2)
    git (1.2.5)
    rake (0.8.7)
    rdiscount (1.6.5)
    rspec (2.0.0)
      rspec-core (= 2.0.0)
      rspec-expectations (= 2.0.0)
      rspec-mocks (= 2.0.0)
    rspec-core (2.0.0)
    rspec-expectations (2.0.0)
      diff-lcs (>= 1.1.2)
    rspec-mocks (2.0.0)
      rspec-core (= 2.0.0)
      rspec-expectations (= 2.0.0)
    yard (0.5.8)

PLATFORMS
  ruby

DEPENDENCIES
  bundler (~> 1.0.0)
  jeweler (~> 1.4.0)!
  rake (~> 0.8.7)
  rdiscount (~> 1.6.3)
  rspec (~> 2.0.0)
  yard (~> 0.5.3)
