GIT
  remote: git://github.com/technicalpickles/jeweler.git
  revision: d3b29e1
  specs:
    jeweler (1.4.0)
      bundler (>= 1.0.0.rc.5)
      git (>= 1.2.5)
      rake

GEM
  remote: https://rubygems.org/
  specs:
    git (1.2.5)
    rake (0.8.7)
    rdiscount (1.6.5)
    rspec (1.3.0)
    yard (0.5.8)

PLATFORMS
  ruby

DEPENDENCIES
  bundler (~> 1.0.0)
  jeweler (~> 1.4.0)!
  rake (~> 0.8.7)
  rdiscount (~> 1.6.3)
  rspec (~> 1.3.0)
  yard (~> 0.5.3)
